GEM
  remote: https://rubygems.org/
  specs:
    colorize (0.7.2)
    rake (10.3.1)

PLATFORMS
  ruby

DEPENDENCIES
  colorize
  rake
